GEM
  remote: https://rubygems.org/
  specs:
    aasm (5.5.0)
      concurrent-ruby (~> 1.0)
    activemodel (8.0.0)
      activesupport (= 8.0.0)
    activerecord (8.0.0)
      activemodel (= 8.0.0)
      activesupport (= 8.0.0)
      timeout (>= 0.4.0)
    activesupport (8.0.0)
      base64
      benchmark (>= 0.3)
      bigdecimal
      concurrent-ruby (~> 1.0, >= 1.3.1)
      connection_pool (>= 2.2.5)
      drb
      i18n (>= 1.6, < 2)
      logger (>= 1.4.2)
      minitest (>= 5.1)
      securerandom (>= 0.3)
      tzinfo (~> 2.0, >= 2.0.5)
      uri (>= 0.13.1)
    ast (2.4.2)
    base64 (0.2.0)
    benchmark (0.4.0)
    bigdecimal (3.1.8)
    concurrent-ruby (1.3.4)
    connection_pool (2.4.1)
    diff-lcs (1.5.1)
    drb (2.2.1)
    i18n (1.14.6)
      concurrent-ruby (~> 1.0)
    logger (1.6.1)
    minitest (5.25.1)
    mutant (0.12.4)
      diff-lcs (~> 1.3)
      parser (~> 3.3.0)
      regexp_parser (~> 2.9.0)
      sorbet-runtime (~> 0.5.0)
      unparser (~> 0.6.14)
    mutant-minitest (0.12.4)
      minitest (~> 5.11)
      mutant (= 0.12.4)
    parser (3.3.6.0)
      ast (~> 2.4.1)
      racc
    racc (1.8.1)
    regexp_parser (2.9.2)
    ruby_event_store (2.15.0)
      concurrent-ruby (~> 1.0, >= 1.1.6)
    securerandom (0.3.2)
    sorbet-runtime (0.5.11647)
    sqlite3 (2.3.0-arm64-darwin)
    sqlite3 (2.3.0-x86_64-linux-gnu)
    timeout (0.4.2)
    tzinfo (2.0.6)
      concurrent-ruby (~> 1.0)
    unparser (0.6.15)
      diff-lcs (~> 1.3)
      parser (>= 3.3.0)
    uri (1.0.2)

PLATFORMS
  arm64-darwin
  x86_64-linux

DEPENDENCIES
  aasm
  activerecord (>= 8)
  minitest
  mutant
  mutant-minitest
  ruby_event_store
  sqlite3 (>= 2)

BUNDLED WITH
   2.5.23
