GEM
  remote: https://oss:7AXfeZdAfCqL1PvHm2nvDJO6Zd9UW8IK@gem.mutant.dev/
  specs:
    mutant-license (0.1.1.2.1627430819213747598431630701693729869473.6)

GEM
  remote: https://rubygems.org/
  specs:
    activemodel (7.1.1)
      activesupport (= 7.1.1)
    activerecord (7.1.1)
      activemodel (= 7.1.1)
      activesupport (= 7.1.1)
      timeout (>= 0.4.0)
    activesupport (7.1.1)
      base64
      bigdecimal
      concurrent-ruby (~> 1.0, >= 1.0.2)
      connection_pool (>= 2.2.5)
      drb
      i18n (>= 1.6, < 2)
      minitest (>= 5.1)
      mutex_m
      tzinfo (~> 2.0)
    aggregate_root (2.12.1)
      ruby_event_store (= 2.12.1)
    arkency-command_bus (0.4.1)
      concurrent-ruby
    ast (2.4.2)
    base64 (0.1.1)
    bigdecimal (3.1.4)
    concurrent-ruby (1.2.2)
    connection_pool (2.4.1)
    diff-lcs (1.5.0)
    drb (2.1.1)
      ruby2_keywords
    equatable (0.5.0)
    i18n (1.14.1)
      concurrent-ruby (~> 1.0)
    minitest (5.20.0)
    mutant (0.11.24)
      diff-lcs (~> 1.3)
      parser (~> 3.2.2, >= 3.2.2.4)
      regexp_parser (~> 2.8.2)
      sorbet-runtime (~> 0.5.0)
      unparser (~> 0.6.9)
    mutant-minitest (0.11.24)
      minitest (~> 5.11)
      mutant (= 0.11.24)
    mutex_m (0.1.2)
    necromancer (0.5.0)
    parser (3.2.2.4)
      ast (~> 2.4.1)
      racc
    pastel (0.7.2)
      equatable (~> 0.5.0)
      tty-color (~> 0.4.0)
    racc (1.7.1)
    regexp_parser (2.8.2)
    ruby2_keywords (0.0.5)
    ruby_event_store (2.12.1)
      concurrent-ruby (~> 1.0, >= 1.1.6)
    sorbet-runtime (0.5.11081)
    timeout (0.4.0)
    tty-color (0.4.3)
    tty-cursor (0.7.0)
    tty-prompt (0.19.0)
      necromancer (~> 0.5.0)
      pastel (~> 0.7.0)
      tty-reader (~> 0.6.0)
    tty-reader (0.6.0)
      tty-cursor (~> 0.7)
      tty-screen (~> 0.7)
      wisper (~> 2.0.0)
    tty-screen (0.7.0)
    tzinfo (2.0.6)
      concurrent-ruby (~> 1.0)
    unparser (0.6.9)
      diff-lcs (~> 1.3)
      parser (>= 3.2.2.4)
    wisper (2.0.0)

PLATFORMS
  arm64-darwin-22

DEPENDENCIES
  activerecord
  aggregate_root
  arkency-command_bus
  minitest
  mutant
  mutant-license!
  mutant-minitest
  ruby_event_store
  tty-prompt

RUBY VERSION
   ruby 3.2.2p53

BUNDLED WITH
   2.4.21
